GEM
  remote: http://rubygems.org/
  specs:
    RedCloth (4.2.9)
    albino (1.3.3)
      posix-spawn (>= 0.3.6)
    diff-lcs (1.1.3)
    directory_watcher (1.4.1)
    github-markup (0.7.2)
    gollum (1.2.1)
      albino (~> 1.3.2)
      github-markup (>= 0.4.0, < 1.0.0)
      grit (~> 2.4.1)
      mustache (>= 0.11.2, < 1.0.0)
      nokogiri (~> 1.4)
      sanitize (~> 2.0.0)
      sinatra (~> 1.0)
    gollum-site (0.1.10)
      directory_watcher
      gollum (>= 1.2.0)
      liquid (>= 2.2.2)
      mixlib-log (>= 1.1.0)
    grit (2.4.1)
      diff-lcs (~> 1.1)
      mime-types (~> 1.15)
    liquid (2.3.0)
    mime-types (1.19)
    mixlib-log (1.4.1)
    mustache (0.99.4)
    nokogiri (1.5.5)
    org-ruby (0.5.3)
      rubypants (>= 0.2.0)
    posix-spawn (0.3.6)
    pygmentize (0.0.3)
    rack (1.4.1)
    rack-protection (1.2.0)
      rack
    rake (0.9.2.2)
    rdiscount (1.6.8)
    rspec (2.11.0)
      rspec-core (~> 2.11.0)
      rspec-expectations (~> 2.11.0)
      rspec-mocks (~> 2.11.0)
    rspec-core (2.11.0)
    rspec-expectations (2.11.1)
      diff-lcs (~> 1.1.3)
    rspec-mocks (2.11.0)
    rubypants (0.2.0)
    sanitize (2.0.3)
      nokogiri (>= 1.4.4, < 1.6)
    sinatra (1.3.2)
      rack (~> 1.3, >= 1.3.6)
      rack-protection (~> 1.2)
      tilt (~> 1.3, >= 1.3.3)
    tilt (1.3.3)

PLATFORMS
  ruby

DEPENDENCIES
  RedCloth
  directory_watcher
  gollum (= 1.2.1)
  gollum-site (= 0.1.10)
  org-ruby (~> 0.5.3)
  pygmentize
  rake
  rdiscount
  rspec
